GEM
  remote: http://rubygems.org/
  specs:
    dnsruby (1.51)
    whois (1.6.4)

PLATFORMS
  ruby

DEPENDENCIES
  dnsruby
  whois
